GEM
  remote: https://rubygems.org/
  specs:
    asciidoctor (1.5.7.1)

PLATFORMS
  ruby

DEPENDENCIES
  asciidoctor (~> 1.5)

BUNDLED WITH
   1.16.4
